PATH
  remote: .
  specs:
    cul_scv_hydra (0.2)
      active-fedora (~> 3.1.3)
      activemodel (~> 3.0.10)
      activeresource (~> 3.0.10)
      activesupport (~> 3.0.10)
      cul_image_props
      cul_image_props
      hydra-head
      nokogiri (>= 1.4.2)
      om (>= 1.2.4)
      rails (~> 3.0.10)
      rubydora (>= 0.2.6)
      solrizer (>= 1.1.2)

GEM
  remote: http://rubygems.org/
  specs:
    RedCloth (4.2.3)
    abstract (1.0.0)
    actionmailer (3.0.11)
      actionpack (= 3.0.11)
      mail (~> 2.2.19)
    actionpack (3.0.11)
      activemodel (= 3.0.11)
      activesupport (= 3.0.11)
      builder (~> 2.1.2)
      erubis (~> 2.6.6)
      i18n (~> 0.5.0)
      rack (~> 1.2.1)
      rack-mount (~> 0.6.14)
      rack-test (~> 0.5.7)
      tzinfo (~> 0.3.23)
    active-fedora (3.1.3)
      activeresource (~> 3.0.0)
      activesupport (~> 3.0.0)
      equivalent-xml
      facets
      mediashelf-loggable
      mime-types (>= 1.16)
      multipart-post (= 1.1.2)
      nokogiri
      om (>= 1.4.3)
      rdf
      rdf-rdfxml
      rubydora (~> 0.2.6)
      solr-ruby (>= 0.0.6)
      solrizer (> 1.0.0)
      xml-simple (>= 1.0.12)
    activemodel (3.0.11)
      activesupport (= 3.0.11)
      builder (~> 2.1.2)
      i18n (~> 0.5.0)
    activerecord (3.0.11)
      activemodel (= 3.0.11)
      activesupport (= 3.0.11)
      arel (~> 2.0.10)
      tzinfo (~> 0.3.23)
    activeresource (3.0.11)
      activemodel (= 3.0.11)
      activesupport (= 3.0.11)
    activesupport (3.0.11)
    addressable (2.2.6)
    akami (1.0.0)
      gyoku (>= 0.4.0)
    arel (2.0.10)
    blacklight (3.0.0)
      kaminari
      marc (~> 0.4.3)
      nokogiri (~> 1.5)
      rails (~> 3.0)
      rsolr (~> 1.0)
      rsolr-ext (~> 1.0)
      unicode
    block_helpers (0.3.3)
      activesupport (>= 2.0)
    builder (2.1.2)
    columnize (0.3.4)
    crack (0.3.1)
    cul_image_props (0.1)
    curb (0.7.15)
    daemons (1.1.4)
    database_cleaner (0.7.0)
    diff-lcs (1.1.3)
    equivalent-xml (0.2.8)
      nokogiri (>= 1.4.3)
    erubis (2.6.6)
      abstract (>= 1.0.0)
    facets (2.9.2)
    fastercsv (1.5.4)
    gyoku (0.4.4)
      builder (>= 2.1.2)
    haml (3.1.3)
    httparty (0.8.1)
      multi_json
      multi_xml
    httpi (0.9.5)
      rack
    hydra-head (3.1.0)
      RedCloth (= 4.2.3)
      active-fedora (~> 3.1.1)
      blacklight (= 3.0.0)
      block_helpers
      builder
      columnize
      crack
      curb (= 0.7.15)
      database_cleaner
      diff-lcs
      facets (~> 2)
      haml
      httparty
      json_pure (> 1.4.3)
      launchy
      linecache
      mediashelf-loggable (= 0.4.7)
      mediashelf-loggable (>= 0.4.7)
      mime-types
      multipart-post
      nokogiri
      om (>= 1.2.3)
      rack
      rack-test
      rails (~> 3.0.10)
      rake
      sanitize
      solr-ruby
      solrizer (>= 1.1.0)
      solrizer-fedora (>= 1.1.3)
      term-ansicolor
      trollop
      will_paginate
      xml-simple
    i18n (0.5.0)
    json (1.6.1)
    json_pure (1.6.1)
    kaminari (0.12.4)
      rails (>= 3.0.0)
    launchy (2.0.5)
      addressable (~> 2.2.6)
    linecache (0.46)
      rbx-require-relative (> 0.0.4)
    mail (2.2.19)
      activesupport (>= 2.3.6)
      i18n (>= 0.4.0)
      mime-types (~> 1.16)
      treetop (~> 1.4.8)
    marc (0.4.3)
    mediashelf-loggable (0.4.7)
    metaclass (0.0.1)
    mime-types (1.17.2)
    mocha (0.10.0)
      metaclass (~> 0.0.1)
    multi_json (1.0.3)
    multi_xml (0.4.1)
    multipart-post (1.1.2)
    nokogiri (1.5.0)
    nori (1.0.2)
    om (1.4.3)
      mediashelf-loggable
      nokogiri (>= 1.4.2)
    polyglot (0.3.3)
    rack (1.2.4)
    rack-mount (0.6.14)
      rack (>= 1.0.0)
    rack-test (0.5.7)
      rack (>= 1.0)
    rails (3.0.11)
      actionmailer (= 3.0.11)
      actionpack (= 3.0.11)
      activerecord (= 3.0.11)
      activeresource (= 3.0.11)
      activesupport (= 3.0.11)
      bundler (~> 1.0)
      railties (= 3.0.11)
    railties (3.0.11)
      actionpack (= 3.0.11)
      activesupport (= 3.0.11)
      rake (>= 0.8.7)
      rdoc (~> 3.4)
      thor (~> 0.14.4)
    rake (0.9.2.2)
    rbx-require-relative (0.0.5)
    rdf (0.3.4.1)
      addressable (>= 2.2.6)
    rdf-rdfxml (0.3.5)
      nokogiri (>= 1.4.4)
      rdf (>= 0.3.4)
    rdoc (3.11)
      json (~> 1.4)
    rest-client (1.6.7)
      mime-types (>= 1.16)
    rsolr (1.0.2)
      builder (>= 2.1.2)
    rsolr-ext (1.0.3)
      rsolr (>= 1.0.2)
    rspec (1.3.2)
    rspec-rails (1.3.4)
      rack (>= 1.0.0)
      rspec (~> 1.3.1)
    ruby-debug (0.10.4)
      columnize (>= 0.1)
      ruby-debug-base (~> 0.10.4.0)
    ruby-debug-base (0.10.4)
      linecache (>= 0.3)
    rubydora (0.2.6)
      activemodel
      activesupport
      fastercsv
      mime-types
      nokogiri
      rest-client
      savon
    sanitize (2.0.3)
      nokogiri (>= 1.4.4, < 1.6)
    savon (0.9.7)
      akami (~> 1.0)
      builder (>= 2.1.2)
      gyoku (>= 0.4.0)
      httpi (~> 0.9)
      nokogiri (>= 1.4.0)
      nori (~> 1.0)
      wasabi (~> 2.0)
    solr-ruby (0.0.8)
    solrizer (1.1.2)
      daemons
      mediashelf-loggable
      nokogiri
      om (>= 1.4.0)
      stomp
      xml-simple
    solrizer-fedora (1.1.3)
      active-fedora (>= 2.3.0)
      fastercsv
      rsolr
      solr-ruby (>= 0.0.6)
      solrizer (>= 1.0.0)
    stomp (1.1.10)
    term-ansicolor (1.0.7)
    thor (0.14.6)
    treetop (1.4.10)
      polyglot
      polyglot (>= 0.3.1)
    trollop (1.16.2)
    tzinfo (0.3.31)
    unicode (0.4.0)
    wasabi (2.0.0)
      nokogiri (>= 1.4.0)
    will_paginate (3.0.2)
    xml-simple (1.1.1)

PLATFORMS
  ruby

DEPENDENCIES
  cul_scv_hydra!
  equivalent-xml (>= 0.2.4)
  mocha (>= 0.9.8)
  rspec (< 2.0.0)
  rspec-rails
  ruby-debug
